GEM
  remote: https://rubygems.org/
  specs:
    ffi (1.15.5)
    google-protobuf (3.21.12)
    googleapis-common-protos-types (1.5.0)
      google-protobuf (~> 3.14)
    opentelemetry-api (1.1.0)
    opentelemetry-common (0.19.6)
      opentelemetry-api (~> 1.0)
    opentelemetry-exporter-otlp (0.24.0)
      google-protobuf (~> 3.19)
      googleapis-common-protos-types (~> 1.3)
      opentelemetry-api (~> 1.1)
      opentelemetry-common (~> 0.19.6)
      opentelemetry-sdk (~> 1.2)
      opentelemetry-semantic_conventions
    opentelemetry-propagator-xray (0.21.1)
      opentelemetry-api (~> 1.0)
    opentelemetry-registry (0.2.0)
      opentelemetry-api (~> 1.1)
    opentelemetry-sdk (1.2.0)
      opentelemetry-api (~> 1.1)
      opentelemetry-common (~> 0.19.3)
      opentelemetry-registry (~> 0.2)
      opentelemetry-semantic_conventions
    opentelemetry-semantic_conventions (1.8.0)
      opentelemetry-api (~> 1.0)
    pyroscope (0.5.2-arm64-darwin)
      ffi
    pyroscope-otel (0.1.1)
      opentelemetry-api (~> 1.1.0)
      pyroscope (~> 0.5.1)

PLATFORMS
  arm64-darwin-21

DEPENDENCIES
  opentelemetry-api
  opentelemetry-common
  opentelemetry-exporter-otlp
  opentelemetry-propagator-xray
  opentelemetry-sdk
  pyroscope-otel

BUNDLED WITH
   2.3.12
